GEM
  remote: http://rubygems.org/
  specs:
    polyglot (0.3.5)
    treetop (1.6.8)
      polyglot (~> 0.3)

PLATFORMS
  ruby

DEPENDENCIES
  treetop

BUNDLED WITH
   1.15.4
